GEM
  remote: https://rubygems.org/
  specs:
    bacon (1.2.0)
    diff-lcs (1.2.4)
    pg (0.15.1)
    rack (1.5.2)
    rack-protection (1.5.0)
      rack
    rspec (2.14.1)
      rspec-core (~> 2.14.0)
      rspec-expectations (~> 2.14.0)
      rspec-mocks (~> 2.14.0)
    rspec-core (2.14.2)
    rspec-expectations (2.14.0)
      diff-lcs (>= 1.1.3, < 2.0)
    rspec-mocks (2.14.1)
    sequel (4.0.0)
    shotgun (0.9)
      rack (>= 1.0)
    sinatra (1.4.3)
      rack (~> 1.4)
      rack-protection (~> 1.4)
      tilt (~> 1.3, >= 1.3.4)
    sinatra-sequel (0.9.0)
      bacon
      sequel (>= 3.2.0)
      sinatra (>= 0.9.4)
    tilt (1.4.1)

PLATFORMS
  ruby

DEPENDENCIES
  bundler (~> 1.2)
  pg
  rspec
  sequel
  shotgun
  sinatra
  sinatra-sequel
